GEM
  remote: http://rubygems.org/
  specs:
    dotenv (2.4.0)
    mustermann (1.0.2)
    net-ldap (0.16.1)
    rack (2.0.5)
    rack-protection (2.0.3)
      rack
    sinatra (2.0.3)
      mustermann (~> 1.0)
      rack (~> 2.0)
      rack-protection (= 2.0.3)
      tilt (~> 2.0)
    tilt (2.0.8)

PLATFORMS
  ruby

DEPENDENCIES
  dotenv
  net-ldap
  sinatra

BUNDLED WITH
   1.16.1
